PATH
  remote: .
  specs:
    evergarden (0.1.0)

GEM
  remote: https://rubygems.org/
  specs:
    byebug (11.0.1)
    faraday (1.0.1)
      multipart-post (>= 1.2, < 3)
    faraday_middleware (1.2.0)
      faraday (~> 1.0)
    irb (1.1.1)
    multi_json (1.15.0)
    multipart-post (2.1.1)
    mustermann (1.1.2)
      ruby2_keywords (~> 0.0.1)
    rack (2.2.6.3)
    rack-protection (2.1.0)
      rack
    rake (12.3.3)
    ruby2_keywords (0.0.4)
    sinatra (2.1.0)
      mustermann (~> 1.0)
      rack (~> 2.2)
      rack-protection (= 2.1.0)
      tilt (~> 2.0)
    sinatra-contrib (2.1.0)
      multi_json
      mustermann (~> 1.0)
      rack-protection (= 2.1.0)
      sinatra (= 2.1.0)
      tilt (~> 2.0)
    tilt (2.0.10)

PLATFORMS
  ruby

DEPENDENCIES
  byebug (~> 11.0)
  evergarden!
  faraday
  faraday_middleware
  irb (~> 1.0)
  rake (~> 12.0)
  sinatra (~> 2.0)
  sinatra-contrib (~> 2.0)

BUNDLED WITH
   2.1.4
